GEM
  remote: https://rubygems.org/
  specs:
    aws-sdk (2.6.44)
      aws-sdk-resources (= 2.6.44)
    aws-sdk-core (2.6.44)
      aws-sigv4 (~> 1.0)
      jmespath (~> 1.0)
    aws-sdk-resources (2.6.44)
      aws-sdk-core (= 2.6.44)
    aws-sigv4 (1.0.0)
    byebug (9.0.6)
    googlecharts (1.6.12)
    jmespath (1.3.1)
    parallel (1.10.0)

PLATFORMS
  ruby

DEPENDENCIES
  aws-sdk
  byebug
  googlecharts
  parallel

BUNDLED WITH
   1.12.5
